GIT
  remote: git://github.com/locomotivecms/engine.git
  revision: ee302bbe5684cf95ab6e7f643e63257e6342699f
  specs:
    locomotivecms (3.2.0)
      actionmailer-with-request (~> 0.4.0)
      autoprefixer-rails (~> 6.3.3.1)
      bazaar (~> 0.0.2)
      bootstrap-kaminari-views (~> 0.0.5)
      bootstrap-sass (~> 3.3.6)
      carrierwave-mongoid (~> 0.8.1)
      codemirror-rails (~> 5.6)
      custom_fields (~> 2.7.0.rc1)
      devise (~> 3.5.1)
      devise-encryptable (~> 0.2.0)
      dragonfly (~> 1.0.7)
      flash_cookie_session (~> 1.1.1)
      font-awesome-sass (~> 4.5.0)
      grape (~> 0.12.0)
      grape-entity (= 0.4.5)
      highline (~> 1.7.1)
      jquery-rails (~> 4.1.0)
      jquery-ui-rails (~> 5.0.3)
      json-schema (~> 2.6.1)
      kaminari (~> 0.16.3)
      locomotivecms_steam (~> 1.1.0)
      mime-types (~> 2.6.2)
      mimetype-fu (~> 0.1.2)
      mongo_session_store-rails4 (~> 6.0.0)
      mongoid (~> 5.1.3)
      mongoid-tree (~> 2.0.1)
      multi_json (~> 1.11.0)
      net-ssh (~> 3.0.2)
      nprogress-rails (~> 0.1.6.7)
      pundit (~> 1.1.0)
      rack-cache (~> 1.1)
      rails (~> 4.2.6)
      rails-i18n (~> 4.0.6)
      rake (~> 10.5.0)
      responders (~> 2.1.0)
      simple_form (~> 3.2.0)
      simple_token_authentication (~> 1.12.0)
      slim (~> 3.0.6)

GIT
  remote: git://github.com/locomotivecms/steam.git
  revision: bd913c99095ced0bed62669da6fe62f54642b28a
  specs:
    locomotivecms_steam (1.1.0)
      RedCloth (~> 4.2.9)
      autoprefixer-rails (~> 6.3.3.1)
      chronic (~> 0.10.2)
      coffee-script (~> 2.4.1)
      compass (~> 1.0.3)
      dragonfly (~> 1.0.12)
      duktape (~> 1.3.0.6)
      haml (~> 4.0.6)
      httparty (~> 0.13.6)
      kramdown (~> 1.10.0)
      locomotivecms-solid (~> 4.0.1)
      locomotivecms_common (~> 0.2.0)
      mime-types (~> 2.6.1)
      mimetype-fu (~> 0.1.2)
      moneta (~> 0.8.0)
      morphine (~> 0.1.1)
      nokogiri (~> 1.6.7.2)
      pony (~> 1.11)
      rack-cache (~> 1.6.1)
      rack-rewrite (~> 1.5.1)
      rack_csrf (~> 2.5.0)
      sanitize (~> 4.0.1)
      sass (~> 3.4.21)
      sprockets (~> 3.5.2)

GIT
  remote: https://github.com/akretion/aktooor.git
  revision: 1137f257d4bd069b80a8b5208d6219b149984757
  specs:
    aktooor (0.0.1)
      actionpack (>= 3.1)
      cocoon
      nokogiri
      ooorest
      select2-rails
      simple_form (>= 3.0.1)

GIT
  remote: https://github.com/akretion/erpify.git
  revision: eafbf38e14d97e51f2e6f673b4426325afdf7236
  specs:
    erpify (0.0.1)
      locomotivecms_solid
      ooor

GIT
  remote: https://github.com/akretion/exodoo.git
  revision: a6bd0f9db9388466c4c991addd8e07d01eadfa36
  specs:
    exodoo (0.0.2)
      erpify
      locomotivecms_steam (~> 1.1.0)
      rack-reverse-proxy

GIT
  remote: https://github.com/akretion/ooor.git
  revision: 57715dc04c99b060a8a38a45027bcdce36271133
  specs:
    ooor (2.3.0)
      activemodel (>= 3.2.0)
      faraday

GIT
  remote: https://github.com/akretion/ooorest.git
  revision: 01527b455c5038cb4c9dfb926b66c1e2ec9a5c38
  specs:
    ooorest (1.9.9)
      actionpack (>= 3.1)
      kaminari
      ooor (>= 1.9)
      railties (>= 3.1)
      warden

GEM
  remote: https://rubygems.org/
  specs:
    RedCloth (4.2.9)
    actionmailer (4.2.6)
      actionpack (= 4.2.6)
      actionview (= 4.2.6)
      activejob (= 4.2.6)
      mail (~> 2.5, >= 2.5.4)
      rails-dom-testing (~> 1.0, >= 1.0.5)
    actionmailer-with-request (0.4.0)
      rails (>= 3)
    actionpack (4.2.6)
      actionview (= 4.2.6)
      activesupport (= 4.2.6)
      rack (~> 1.6)
      rack-test (~> 0.6.2)
      rails-dom-testing (~> 1.0, >= 1.0.5)
      rails-html-sanitizer (~> 1.0, >= 1.0.2)
    actionview (4.2.6)
      activesupport (= 4.2.6)
      builder (~> 3.1)
      erubis (~> 2.7.0)
      rails-dom-testing (~> 1.0, >= 1.0.5)
      rails-html-sanitizer (~> 1.0, >= 1.0.2)
    activejob (4.2.6)
      activesupport (= 4.2.6)
      globalid (>= 0.3.0)
    activemodel (4.2.6)
      activesupport (= 4.2.6)
      builder (~> 3.1)
    activerecord (4.2.6)
      activemodel (= 4.2.6)
      activesupport (= 4.2.6)
      arel (~> 6.0)
    activesupport (4.2.6)
      i18n (~> 0.7)
      json (~> 1.7, >= 1.7.7)
      minitest (~> 5.1)
      thread_safe (~> 0.3, >= 0.3.4)
      tzinfo (~> 1.1)
    addressable (2.3.8)
    arel (6.0.3)
    attr_extras (4.4.0)
    autoprefixer-rails (6.3.3.1)
      execjs
    aws-sdk (2.3.5)
      aws-sdk-resources (= 2.3.5)
    aws-sdk-core (2.3.5)
      jmespath (~> 1.0)
    aws-sdk-resources (2.3.5)
      aws-sdk-core (= 2.3.5)
    axiom-types (0.1.1)
      descendants_tracker (~> 0.0.4)
      ice_nine (~> 0.11.0)
      thread_safe (~> 0.3, >= 0.3.1)
    bazaar (0.0.2)
    bcrypt (3.1.11)
    benchmark-ips (2.6.1)
    binding_of_caller (0.7.2)
      debug_inspector (>= 0.0.1)
    bootstrap-kaminari-views (0.0.5)
      kaminari (>= 0.13)
      rails (>= 3.1)
    bootstrap-sass (3.3.6)
      autoprefixer-rails (>= 5.2.1)
      sass (>= 3.3.4)
    bson (4.1.1)
    builder (3.2.2)
    byebug (9.0.3)
    carrierwave (0.10.0)
      activemodel (>= 3.2.0)
      activesupport (>= 3.2.0)
      json (>= 1.7)
      mime-types (>= 1.16)
    carrierwave-aws (1.0.1)
      aws-sdk (~> 2.0)
      carrierwave (~> 0.7)
    carrierwave-mongoid (0.8.1)
      carrierwave (>= 0.8.0, < 0.11.0)
      mongoid (>= 3.0, < 6.0)
      mongoid-grid_fs (>= 1.3, < 3.0)
    chronic (0.10.2)
    chunky_png (1.3.5)
    cocoon (1.2.9)
    codemirror-rails (5.11)
      railties (>= 3.0, < 5)
    coercible (1.0.0)
      descendants_tracker (~> 0.0.1)
    coffee-rails (4.1.1)
      coffee-script (>= 2.2.0)
      railties (>= 4.0.0, < 5.1.x)
    coffee-script (2.4.1)
      coffee-script-source
      execjs
    coffee-script-source (1.10.0)
    colorize (0.7.7)
    compass (1.0.3)
      chunky_png (~> 1.2)
      compass-core (~> 1.0.2)
      compass-import-once (~> 1.0.5)
      rb-fsevent (>= 0.9.3)
      rb-inotify (>= 0.9)
      sass (>= 3.3.13, < 3.5)
    compass-core (1.0.3)
      multi_json (~> 1.0)
      sass (>= 3.3.0, < 3.5)
    compass-import-once (1.0.5)
      sass (>= 3.2, < 3.5)
    concurrent-ruby (1.0.2)
    crass (1.0.2)
    custom_fields (2.7.0.rc1)
      activesupport (~> 4.2.5)
      carrierwave-mongoid (~> 0.8.1)
      monetize (~> 1.4.0)
      mongoid (~> 5.1.0)
    debug_inspector (0.0.2)
    derailed (0.1.0)
      derailed_benchmarks
    derailed_benchmarks (1.3.1)
      benchmark-ips (~> 2)
      get_process_mem (~> 0)
      heapy (~> 0)
      memory_profiler (~> 0)
      rack (>= 1)
      rake (> 10, < 12)
      thor (~> 0.19)
    descendants_tracker (0.0.4)
      thread_safe (~> 0.3, >= 0.3.1)
    devise (3.5.10)
      bcrypt (~> 3.0)
      orm_adapter (~> 0.1)
      railties (>= 3.2.6, < 5)
      responders
      thread_safe (~> 0.1)
      warden (~> 1.2.3)
    devise-encryptable (0.2.0)
      devise (>= 2.1.0)
    dragonfly (1.0.12)
      addressable (~> 2.3)
      multi_json (~> 1.0)
      rack (>= 1.3.0)
    duktape (1.3.0.6)
    equalizer (0.0.11)
    erubis (2.7.0)
    excon (0.49.0)
    execjs (2.6.0)
    faraday (0.9.2)
      multipart-post (>= 1.2, < 3)
    ffi (1.9.10)
    flash_cookie_session (1.1.6)
      rails (>= 3.0)
    font-awesome-sass (4.5.0)
      sass (>= 3.2)
    get_process_mem (0.2.0)
    globalid (0.3.6)
      activesupport (>= 4.1.0)
    grape (0.12.0)
      activesupport
      builder
      hashie (>= 2.1.0)
      multi_json (>= 1.3.2)
      multi_xml (>= 0.5.2)
      rack (>= 1.3.0)
      rack-accept
      rack-mount
      virtus (>= 1.0.0)
    grape-entity (0.4.5)
      activesupport
      multi_json (>= 1.3.2)
    haml (4.0.7)
      tilt
    hashie (3.4.4)
    heapy (0.1.2)
    heroics (0.0.16)
      erubis (~> 2.0)
      excon
      moneta
      multi_json (>= 1.9.2)
      netrc
    highline (1.7.8)
    httparty (0.13.7)
      json (~> 1.8)
      multi_xml (>= 0.5.2)
    i18n (0.7.0)
    ice_nine (0.11.2)
    jbuilder (2.4.1)
      activesupport (>= 3.0.0, < 5.1)
      multi_json (~> 1.2)
    jmespath (1.2.4)
      json_pure (>= 1.8.1)
    jquery-rails (4.1.1)
      rails-dom-testing (>= 1, < 3)
      railties (>= 4.2.0)
      thor (>= 0.14, < 2.0)
    jquery-ui-rails (5.0.5)
      railties (>= 3.2.16)
    json (1.8.3)
    json-schema (2.6.2)
      addressable (~> 2.3.8)
    json_pure (1.8.3)
    kaminari (0.16.3)
      actionpack (>= 3.0.0)
      activesupport (>= 3.0.0)
    kramdown (1.10.0)
    locomotive_liquid (2.4.2)
    locomotivecms-liquid (4.0.0)
    locomotivecms-solid (4.0.1)
      locomotivecms-liquid (~> 4.0.0)
    locomotivecms_common (0.2.0)
      activesupport (~> 4.2.6)
      attr_extras (~> 4.4.0)
      colorize
      stringex (~> 2.6.0)
    locomotivecms_solid (0.2.2)
      locomotive_liquid (~> 2.4.2)
    loofah (2.0.3)
      nokogiri (>= 1.5.9)
    mail (2.6.4)
      mime-types (>= 1.16, < 4)
    memory_profiler (0.9.6)
    mime-types (2.6.2)
    mimetype-fu (0.1.2)
    mini_portile2 (2.0.0)
    minitest (5.9.0)
    moneta (0.8.0)
    monetize (1.4.0)
      money (~> 6.7)
    money (6.7.1)
      i18n (>= 0.6.4, <= 0.7.0)
      sixarm_ruby_unaccent (>= 1.1.1, < 2)
    mongo (2.2.5)
      bson (~> 4.0)
    mongo_session_store-rails4 (6.0.0)
      actionpack (>= 3.1)
    mongoid (5.1.3)
      activemodel (~> 4.0)
      mongo (~> 2.1)
      origin (~> 2.2)
      tzinfo (>= 0.3.37)
    mongoid-grid_fs (2.2.1)
      mime-types (>= 1.0, < 3.0)
      mongoid (>= 3.0, < 6.0)
    mongoid-tree (2.0.1)
      mongoid (>= 4.0, < 6.0)
    morphine (0.1.1)
    multi_json (1.11.3)
    multi_xml (0.5.5)
    multipart-post (2.0.0)
    net-ssh (3.0.2)
    netrc (0.11.0)
    nokogiri (1.6.7.2)
      mini_portile2 (~> 2.0.0.rc2)
    nokogumbo (1.4.7)
      nokogiri
    nprogress-rails (0.1.6.7)
    origin (2.2.0)
    orm_adapter (0.5.0)
    platform-api (0.3.0)
      heroics (~> 0.0.10)
    pony (1.11)
      mail (>= 2.0)
    puma (2.15.3)
    puma_worker_killer (0.0.6)
      get_process_mem (~> 0.2)
      puma (>= 2.7, < 4)
    pundit (1.1.0)
      activesupport (>= 3.0.0)
    rack (1.6.4)
    rack-accept (0.4.5)
      rack (>= 0.4)
    rack-cache (1.6.1)
      rack (>= 0.4)
    rack-mount (0.8.3)
      rack (>= 1.0.0)
    rack-proxy (0.5.18)
      rack
    rack-reverse-proxy (0.11.0)
      rack (>= 1.0.0)
      rack-proxy (~> 0.5, >= 0.5.14)
    rack-rewrite (1.5.1)
    rack-test (0.6.3)
      rack (>= 1.0)
    rack_csrf (2.5.0)
      rack (>= 1.1.0)
    rails (4.2.6)
      actionmailer (= 4.2.6)
      actionpack (= 4.2.6)
      actionview (= 4.2.6)
      activejob (= 4.2.6)
      activemodel (= 4.2.6)
      activerecord (= 4.2.6)
      activesupport (= 4.2.6)
      bundler (>= 1.3.0, < 2.0)
      railties (= 4.2.6)
      sprockets-rails
    rails-deprecated_sanitizer (1.0.3)
      activesupport (>= 4.2.0.alpha)
    rails-dom-testing (1.0.7)
      activesupport (>= 4.2.0.beta, < 5.0)
      nokogiri (~> 1.6.0)
      rails-deprecated_sanitizer (>= 1.0.1)
    rails-html-sanitizer (1.0.3)
      loofah (~> 2.0)
    rails-i18n (4.0.8)
      i18n (~> 0.7)
      railties (~> 4.0)
    rails_12factor (0.0.3)
      rails_serve_static_assets
      rails_stdout_logging
    rails_serve_static_assets (0.0.5)
    rails_stdout_logging (0.0.5)
    railties (4.2.6)
      actionpack (= 4.2.6)
      activesupport (= 4.2.6)
      rake (>= 0.8.7)
      thor (>= 0.18.1, < 2.0)
    rake (10.5.0)
    rb-fsevent (0.9.7)
    rb-inotify (0.9.7)
      ffi (>= 0.5.0)
    rdoc (4.2.2)
      json (~> 1.4)
    responders (2.1.2)
      railties (>= 4.2.0, < 5.1)
    sanitize (4.0.1)
      crass (~> 1.0.2)
      nokogiri (>= 1.4.4)
      nokogumbo (~> 1.4.1)
    sass (3.4.22)
    sass-rails (5.0.4)
      railties (>= 4.0.0, < 5.0)
      sass (~> 3.1)
      sprockets (>= 2.8, < 4.0)
      sprockets-rails (>= 2.0, < 4.0)
      tilt (>= 1.1, < 3)
    sdoc (0.4.1)
      json (~> 1.7, >= 1.7.7)
      rdoc (~> 4.0)
    select2-rails (4.0.2)
      thor (~> 0.14)
    simple_form (3.2.1)
      actionpack (> 4, < 5.1)
      activemodel (> 4, < 5.1)
    simple_token_authentication (1.12.0)
      actionmailer (>= 3.2.6, < 5)
      actionpack (>= 3.2.6, < 5)
      devise (~> 3.2)
    sixarm_ruby_unaccent (1.1.1)
    slim (3.0.6)
      temple (~> 0.7.3)
      tilt (>= 1.3.3, < 2.1)
    spring (1.7.1)
    sprockets (3.5.2)
      concurrent-ruby (~> 1.0)
      rack (> 1, < 3)
    sprockets-rails (3.0.4)
      actionpack (>= 4.0)
      activesupport (>= 4.0)
      sprockets (>= 3.0.0)
    stringex (2.6.0)
    temple (0.7.6)
    thor (0.19.1)
    thread_safe (0.3.5)
    tilt (2.0.4)
    turbolinks (2.5.3)
      coffee-rails
    tzinfo (1.2.2)
      thread_safe (~> 0.1)
    uglifier (3.0.0)
      execjs (>= 0.3.0, < 3)
    virtus (1.0.5)
      axiom-types (~> 0.1)
      coercible (~> 1.0)
      descendants_tracker (~> 0.0, >= 0.0.3)
      equalizer (~> 0.0, >= 0.0.9)
    warden (1.2.6)
      rack (>= 1.0)
    web-console (2.3.0)
      activemodel (>= 4.0)
      binding_of_caller (>= 0.7.2)
      railties (>= 4.0)
      sprockets-rails (>= 2.0, < 4.0)

PLATFORMS
  ruby

DEPENDENCIES
  aktooor!
  byebug
  carrierwave-aws
  coffee-rails (~> 4.1.0)
  derailed
  erpify!
  exodoo!
  jbuilder (~> 2.0)
  jquery-rails
  locomotivecms!
  locomotivecms_steam!
  ooor!
  ooorest!
  platform-api (~> 0.3.0)
  puma (~> 2.15.3)
  puma_worker_killer
  rails (~> 4.2.5)
  rails_12factor
  sass-rails (~> 5.0)
  sdoc (~> 0.4.0)
  spring
  turbolinks
  uglifier (>= 1.3.0)
  web-console (~> 2.0)

BUNDLED WITH
   1.10.5
